GIT
  remote: https://github.com/activeldap/activeldap.git
  revision: 81295053c1db67f4cd744465d5d289051b5a81e1
  specs:
    activeldap (7.0.1)
      activemodel (>= 5.2)
      builder
      gettext
      gettext_i18n_rails
      locale

GEM
  remote: https://rubygems.org/
  specs:
    activemodel (7.1.3.3)
      activesupport (= 7.1.3.3)
    activesupport (7.1.3.3)
      base64
      bigdecimal
      concurrent-ruby (~> 1.0, >= 1.0.2)
      connection_pool (>= 2.2.5)
      drb
      i18n (>= 1.6, < 2)
      minitest (>= 5.1)
      mutex_m
      tzinfo (~> 2.0)
    ast (2.4.2)
    base64 (0.2.0)
    bigdecimal (3.1.8)
    builder (3.2.4)
    concurrent-ruby (1.2.3)
    config (5.4.0)
      deep_merge (~> 1.2, >= 1.2.1)
    connection_pool (2.4.1)
    deep_merge (1.2.2)
    diff-lcs (1.5.1)
    docile (1.4.0)
    drb (2.2.1)
    dry-core (1.0.1)
      concurrent-ruby (~> 1.0)
      zeitwerk (~> 2.6)
    dry-inflector (1.0.0)
    dry-logic (1.5.0)
      concurrent-ruby (~> 1.0)
      dry-core (~> 1.0, < 2)
      zeitwerk (~> 2.6)
    dry-types (1.7.2)
      bigdecimal (~> 3.0)
      concurrent-ruby (~> 1.0)
      dry-core (~> 1.0)
      dry-inflector (~> 1.0)
      dry-logic (~> 1.4)
      zeitwerk (~> 2.6)
    erubi (1.12.0)
    fast_gettext (2.3.0)
    forwardable (1.3.3)
    garner (0.5.3)
      activesupport
      json
      multi_json (>= 1.3.0)
      rack
    gettext (3.4.9)
      erubi
      locale (>= 2.0.5)
      prime
      racc
      text (>= 1.3.0)
    gettext_i18n_rails (1.12.0)
      fast_gettext (>= 0.9.0)
    grape (2.0.0)
      activesupport (>= 5)
      builder
      dry-types (>= 1.1)
      mustermann-grape (~> 1.0.0)
      rack (>= 1.3.0)
      rack-accept
    grape-entity (1.0.1)
      activesupport (>= 3.0.0)
      multi_json (>= 1.3.2)
    i18n (1.14.5)
      concurrent-ruby (~> 1.0)
    io-console (0.7.2)
    irb (1.13.1)
      rdoc (>= 4.0.0)
      reline (>= 0.4.2)
    json (2.7.2)
    language_server-protocol (3.17.0.3)
    locale (2.1.3)
    logger (1.6.0)
    minitest (5.23.0)
    multi_json (1.15.0)
    mustermann (3.0.0)
      ruby2_keywords (~> 0.0.1)
    mustermann-grape (1.0.2)
      mustermann (>= 1.0.0)
    mutex_m (0.2.0)
    net-ldap (0.19.0)
    nio4r (2.7.0)
    parallel (1.24.0)
    parser (3.3.1.0)
      ast (~> 2.4.1)
      racc
    prime (0.1.2)
      forwardable
      singleton
    prism (0.27.0)
    psych (5.1.2)
      stringio
    puma (6.4.2)
      nio4r (~> 2.0)
    racc (1.7.3)
    rack (3.0.11)
    rack-accept (0.4.5)
      rack (>= 0.4)
    rackup (2.1.0)
      rack (>= 3)
      webrick (~> 1.8)
    rainbow (3.1.1)
    rdoc (6.6.3.1)
      psych (>= 4.0.0)
    redacting-logger (1.2.1)
      logger (~> 1.6)
    regexp_parser (2.9.1)
    reline (0.5.6)
      io-console (~> 0.5)
    rexml (3.2.8)
      strscan (>= 3.0.9)
    rspec (3.13.0)
      rspec-core (~> 3.13.0)
      rspec-expectations (~> 3.13.0)
      rspec-mocks (~> 3.13.0)
    rspec-core (3.13.0)
      rspec-support (~> 3.13.0)
    rspec-expectations (3.13.0)
      diff-lcs (>= 1.2.0, < 2.0)
      rspec-support (~> 3.13.0)
    rspec-mocks (3.13.0)
      diff-lcs (>= 1.2.0, < 2.0)
      rspec-support (~> 3.13.0)
    rspec-support (3.13.0)
    rubocop (1.63.5)
      json (~> 2.3)
      language_server-protocol (>= 3.17.0)
      parallel (~> 1.10)
      parser (>= 3.3.0.2)
      rainbow (>= 2.2.2, < 4.0)
      regexp_parser (>= 1.8, < 3.0)
      rexml (>= 3.2.5, < 4.0)
      rubocop-ast (>= 1.31.1, < 2.0)
      ruby-progressbar (~> 1.7)
      unicode-display_width (>= 2.4.0, < 3.0)
    rubocop-ast (1.31.3)
      parser (>= 3.3.1.0)
    rubocop-capybara (2.20.0)
      rubocop (~> 1.41)
    rubocop-factory_bot (2.25.1)
      rubocop (~> 1.41)
    rubocop-github (0.20.0)
      rubocop (>= 1.37)
      rubocop-performance (>= 1.15)
      rubocop-rails (>= 2.17)
    rubocop-performance (1.21.0)
      rubocop (>= 1.48.1, < 2.0)
      rubocop-ast (>= 1.31.1, < 2.0)
    rubocop-rails (2.23.1)
      activesupport (>= 4.2.0)
      rack (>= 1.1)
      rubocop (>= 1.33.0, < 2.0)
      rubocop-ast (>= 1.30.0, < 2.0)
    rubocop-rspec (2.29.2)
      rubocop (~> 1.40)
      rubocop-capybara (~> 2.17)
      rubocop-factory_bot (~> 2.22)
      rubocop-rspec_rails (~> 2.28)
    rubocop-rspec_rails (2.28.3)
      rubocop (~> 1.40)
    ruby-lsp (0.16.6)
      language_server-protocol (~> 3.17.0)
      prism (>= 0.23.0, < 0.28)
      sorbet-runtime (>= 0.5.10782)
    ruby-progressbar (1.13.0)
    ruby2_keywords (0.0.5)
    simplecov (0.22.0)
      docile (~> 1.1)
      simplecov-html (~> 0.11)
      simplecov_json_formatter (~> 0.1)
    simplecov-erb (1.0.1)
      simplecov (< 1.0)
    simplecov-html (0.12.3)
    simplecov_json_formatter (0.1.4)
    singleton (0.2.0)
    sorbet-runtime (0.5.11372)
    stringio (3.1.0)
    strscan (3.1.0)
    text (1.3.1)
    tzinfo (2.0.6)
      concurrent-ruby (~> 1.0)
    unicode-display_width (2.5.0)
    webrick (1.8.1)
    zeitwerk (2.6.13)

PLATFORMS
  arm64-darwin-21
  darwin
  ruby
  x86_64-darwin-20
  x86_64-darwin-21
  x86_64-linux

DEPENDENCIES
  activeldap!
  activesupport (~> 7.1)
  config (~> 5.4)
  garner (~> 0.5.3)
  grape (~> 2.0)
  grape-entity (~> 1.0)
  irb (~> 1.13)
  net-ldap (~> 0.19.0)
  puma (~> 6.4)
  rack (~> 3.0)
  rackup (~> 2.1)
  redacting-logger (~> 1.2.1)
  rspec (~> 3.13)
  rubocop (~> 1.63)
  rubocop-github (~> 0.20)
  rubocop-performance (~> 1.21)
  rubocop-rspec (~> 2.29)
  ruby-lsp (~> 0.16.6)
  simplecov (~> 0.22)
  simplecov-erb (~> 1.0)

BUNDLED WITH
   2.4.22
